GEM
  remote: http://rubygems.org/
  specs:
    activerecord (2.3.12)
      activesupport (= 2.3.12)
    activesupport (2.3.12)
    appraisal (0.3.7)
      aruba (~> 0.4.2)
      bundler
      rake
    aruba (0.4.5)
      bcat (>= 0.6.1)
      childprocess (>= 0.1.9)
      cucumber (>= 0.10.7)
      rdiscount (>= 1.6.8)
      rspec (>= 2.6.0)
    aws-s3 (0.6.2)
      builder
      mime-types
      xml-simple
    bcat (0.6.1)
      rack (~> 1.0)
    bouncy-castle-java (1.5.0146.1)
    builder (3.0.0)
    capybara (1.0.0)
      mime-types (>= 1.16)
      nokogiri (>= 1.3.3)
      rack (>= 1.0.0)
      rack-test (>= 0.5.4)
      selenium-webdriver (~> 0.2.0)
      xpath (~> 0.1.4)
    childprocess (0.2.0)
      ffi (~> 1.0.6)
    cocaine (0.1.0)
    cucumber (1.0.2)
      builder (>= 2.1.2)
      diff-lcs (>= 1.1.2)
      gherkin (~> 2.4.5)
      json (>= 1.4.6)
      term-ansicolor (>= 1.0.5)
    diff-lcs (1.1.2)
    excon (0.6.3)
    ffi (1.0.9)
    ffi (1.0.9-java)
    fog (0.8.2)
      builder
      excon (~> 0.6.1)
      formatador (>= 0.1.3)
      json
      mime-types
      net-ssh (>= 2.1.3)
      nokogiri (>= 1.4.4)
      ruby-hmac
    formatador (0.1.4)
    gherkin (2.4.5)
      json (>= 1.4.6)
    gherkin (2.4.5-java)
      json (>= 1.4.6)
    jruby-openssl (0.7.4)
      bouncy-castle-java
    json (1.5.3)
    json (1.5.3-java)
    json_pure (1.5.1)
    mime-types (1.16)
    mocha (0.9.12)
    net-ssh (2.1.4)
    nokogiri (1.4.4)
    nokogiri (1.4.4-java)
      weakling (>= 0.0.3)
    rack (1.3.2)
    rack-test (0.6.0)
      rack (>= 1.0)
    rake (0.9.2)
    rdiscount (1.6.8)
    rdoc (3.8)
    rspec (2.6.0)
      rspec-core (~> 2.6.0)
      rspec-expectations (~> 2.6.0)
      rspec-mocks (~> 2.6.0)
    rspec-core (2.6.4)
    rspec-expectations (2.6.0)
      diff-lcs (~> 1.1.2)
    rspec-mocks (2.6.0)
    ruby-hmac (0.4.0)
    rubyzip (0.9.4)
    selenium-webdriver (0.2.1)
      childprocess (>= 0.1.7)
      ffi (>= 1.0.7)
      json_pure
      rubyzip
    shoulda (2.11.3)
    sqlite3 (1.3.4)
    term-ansicolor (1.0.6)
    weakling (0.0.4-java)
    xml-simple (1.0.16)
    xpath (0.1.4)
      nokogiri (~> 1.3)

PLATFORMS
  java
  ruby

DEPENDENCIES
  activerecord
  appraisal
  aws-s3
  bundler
  capybara
  cocaine
  cucumber (~> 1.0.0)
  fog
  jruby-openssl
  mime-types
  mocha
  rake
  rdoc
  shoulda
  sqlite3 (~> 1.3.4)
