GEM
  remote: http://rubygems.org/
  specs:
    activemodel (3.0.10)
      activesupport (= 3.0.10)
      builder (~> 2.1.2)
      i18n (~> 0.5.0)
    activerecord (3.0.10)
      activemodel (= 3.0.10)
      activesupport (= 3.0.10)
      arel (~> 2.0.10)
      tzinfo (~> 0.3.23)
    activesupport (3.0.10)
    appraisal (0.3.8)
      bundler
      rake
    arel (2.0.10)
    aws-s3 (0.6.2)
      builder
      mime-types
      xml-simple
    bouncy-castle-java (1.5.0146.1)
    builder (2.1.2)
    capybara (1.0.1)
      mime-types (>= 1.16)
      nokogiri (>= 1.3.3)
      rack (>= 1.0.0)
      rack-test (>= 0.5.4)
      selenium-webdriver (~> 2.0)
      xpath (~> 0.1.4)
    childprocess (0.2.1)
      ffi (~> 1.0.6)
    cocaine (0.2.0)
    cucumber (1.0.2)
      builder (>= 2.1.2)
      diff-lcs (>= 1.1.2)
      gherkin (~> 2.4.5)
      json (>= 1.4.6)
      term-ansicolor (>= 1.0.5)
    diff-lcs (1.1.2)
    excon (0.6.5)
    ffi (1.0.9)
    ffi (1.0.9-java)
    fog (0.10.0)
      builder
      excon (~> 0.6.5)
      formatador (~> 0.2.0)
      mime-types
      multi_json (~> 1.0.3)
      net-scp (~> 1.0.4)
      net-ssh (~> 2.1.4)
      nokogiri (~> 1.5.0)
      ruby-hmac
    formatador (0.2.0)
    gherkin (2.4.11)
      json (>= 1.4.6)
    gherkin (2.4.11-java)
      json (>= 1.4.6)
    i18n (0.5.0)
    jruby-openssl (0.7.4)
      bouncy-castle-java
    json (1.5.3)
    json (1.5.3-java)
    json_pure (1.5.3)
    mime-types (1.16)
    mocha (0.9.12)
    multi_json (1.0.3)
    net-scp (1.0.4)
      net-ssh (>= 1.99.1)
    net-ssh (2.1.4)
    nokogiri (1.5.0)
    nokogiri (1.5.0-java)
    rack (1.3.2)
    rack-test (0.6.1)
      rack (>= 1.0)
    rake (0.9.2)
    rdoc (3.9.2)
    ruby-hmac (0.4.0)
    rubyzip (0.9.4)
    selenium-webdriver (2.4.0)
      childprocess (>= 0.2.1)
      ffi (>= 1.0.7)
      json_pure
      rubyzip
    shoulda (2.11.3)
    sqlite3 (1.3.4)
    term-ansicolor (1.0.6)
    tzinfo (0.3.29)
    xml-simple (1.1.0)
    xpath (0.1.4)
      nokogiri (~> 1.3)

PLATFORMS
  java
  ruby

DEPENDENCIES
  activerecord
  appraisal
  aws-s3
  bundler
  capybara
  cocaine
  cucumber (~> 1.0.0)
  fog
  jruby-openssl
  mime-types
  mocha
  rake
  rdoc
  shoulda
  sqlite3 (~> 1.3.4)
